PATH
  remote: .
  specs:
    codepwn (0.1.0)
      rubyzip
      thor

GEM
  remote: http://rubygems.org/
  specs:
    rubyzip (0.9.4)
    thor (0.14.6)

PLATFORMS
  ruby

DEPENDENCIES
  codepwn!
